GEM
  remote: https://rubygems.org/
  specs:
    addressable (2.7.0)
      public_suffix (>= 2.0.2, < 5.0)
    arrayfields (4.9.2)
    atoulme-Antwrap (0.7.5)
      rjb (>= 1.0.3)
    braid (1.1.2)
      json
      main (>= 4.7.3)
    builder (3.2.2)
    buildr (1.5.8)
      atoulme-Antwrap (= 0.7.5)
      builder (= 3.2.2)
      bundler
      diff-lcs (= 1.2.5)
      json_pure (= 1.8.3)
      minitar (= 0.5.4)
      net-sftp (= 2.1.2)
      net-ssh (= 3.1.1)
      rake (= 0.9.2.2)
      rjb (= 1.5.4)
      rubyzip (= 1.2.0)
      xml-simple (= 1.1.5)
    chronic (0.10.2)
    diff-lcs (1.2.5)
    faraday (1.3.0)
      faraday-net_http (~> 1.0)
      multipart-post (>= 1.2, < 3)
      ruby2_keywords
    faraday-net_http (1.0.1)
    fattr (2.4.0)
    gitattributes (2.9.0)
    json (2.5.1)
    json_pure (1.8.3)
    main (6.2.3)
      arrayfields (~> 4.7, >= 4.7.4)
      chronic (~> 0.6, >= 0.6.2)
      fattr (~> 2.2, >= 2.2.0)
      map (~> 6.1, >= 6.1.0)
    map (6.6.0)
    mcrt (1.15.0)
    minitar (0.5.4)
    multipart-post (2.1.1)
    net-sftp (2.1.2)
      net-ssh (>= 2.6.5)
    net-ssh (3.1.1)
    netrc (0.11.0)
    octokit (4.20.0)
      faraday (>= 0.9)
      sawyer (~> 0.8.0, >= 0.5.3)
    public_suffix (4.0.6)
    rake (0.9.2.2)
    rjb (1.5.4)
    ruby2_keywords (0.0.4)
    rubyzip (1.2.0)
    sawyer (0.8.2)
      addressable (>= 2.3.5)
      faraday (> 0.8, < 2.0)
    xml-simple (1.1.5)
    zapwhite (2.18.0)
      gitattributes (= 2.9.0)

PLATFORMS
  ruby

DEPENDENCIES
  braid (= 1.1.2)
  buildr (= 1.5.8)
  mcrt (= 1.15.0)
  netrc (~> 0.11)
  octokit (~> 4.0)
  zapwhite (= 2.18.0)

BUNDLED WITH
   2.1.4
