GEM
  remote: https://rubygems.org/
  specs:
    addressable (2.5.2)
      public_suffix (>= 2.0.2, < 4.0)
    arrayfields (4.9.2)
    atoulme-Antwrap (0.7.5)
      rjb (>= 1.0.3)
    braid (1.1.2)
      json
      main (>= 4.7.3)
    builder (3.2.2)
    buildr (1.5.7)
      atoulme-Antwrap (= 0.7.5)
      builder (= 3.2.2)
      bundler
      diff-lcs (= 1.2.5)
      json_pure (= 1.8.3)
      minitar (= 0.5.4)
      net-sftp (= 2.1.2)
      net-ssh (= 3.1.1)
      rake (= 0.9.2.2)
      rjb (= 1.5.4)
      rubyzip (= 1.2.0)
      xml-simple (= 1.1.5)
    chronic (0.10.2)
    diff-lcs (1.2.5)
    faraday (0.15.4)
      multipart-post (>= 1.2, < 3)
    fattr (2.4.0)
    gitattributes (2.9.0)
    json (2.2.0)
    json_pure (1.8.3)
    main (6.2.2)
      arrayfields (~> 4.7, >= 4.7.4)
      chronic (~> 0.6, >= 0.6.2)
      fattr (~> 2.2, >= 2.2.0)
      map (~> 6.1, >= 6.1.0)
    map (6.6.0)
    mcrt (1.13.0)
    minitar (0.5.4)
    multipart-post (2.0.0)
    net-sftp (2.1.2)
      net-ssh (>= 2.6.5)
    net-ssh (3.1.1)
    netrc (0.11.0)
    octokit (4.13.0)
      sawyer (~> 0.8.0, >= 0.5.3)
    public_suffix (3.0.3)
    rake (0.9.2.2)
    rjb (1.5.4)
    rubyzip (1.2.0)
    sawyer (0.8.1)
      addressable (>= 2.3.5, < 2.6)
      faraday (~> 0.8, < 1.0)
    xml-simple (1.1.5)
    zapwhite (2.11.0)
      gitattributes (= 2.9.0)

PLATFORMS
  ruby

DEPENDENCIES
  braid (= 1.1.2)
  buildr (= 1.5.7)
  mcrt (= 1.13.0)
  netrc (~> 0.11)
  octokit (~> 4.0)
  zapwhite (= 2.11.0)

BUNDLED WITH
   1.17.1
